GEM
  remote: http://rubygems.org/
  specs:
    backports (3.6.4)
    builder (3.2.2)
    chunky_png (1.3.4)
    coffee-script (2.3.0)
      coffee-script-source
      execjs
    coffee-script-source (1.9.1)
    compass (1.0.3)
      chunky_png (~> 1.2)
      compass-core (~> 1.0.2)
      compass-import-once (~> 1.0.5)
      rb-fsevent (>= 0.9.3)
      rb-inotify (>= 0.9)
      sass (>= 3.3.13, < 3.5)
    compass-core (1.0.3)
      multi_json (~> 1.0)
      sass (>= 3.3.0, < 3.5)
    compass-import-once (1.0.5)
      sass (>= 3.2, < 3.5)
    execjs (2.4.0)
    ffi (1.9.8)
    haml (4.0.6)
      tilt
    json (1.8.2)
    maruku (0.7.2)
    multi_json (1.11.0)
    rack (1.6.0)
    rake (10.4.2)
    rb-fsevent (0.9.4)
    rb-inotify (0.9.5)
      ffi (>= 0.5.0)
    rubypants (0.2.0)
    sass (3.4.13)
    susy (2.2.5)
      sass (>= 3.3.0, < 3.5)
    tilt (2.0.1)

PLATFORMS
  ruby

DEPENDENCIES
  backports
  builder
  coffee-script
  compass
  haml
  json
  maruku
  rack
  rake
  rubypants
  susy
  tilt
