GEM
  remote: https://rubygems.org/
  specs:
    backports (2.8.2)
    builder (3.1.4)
    coffee-script (2.2.0)
      coffee-script-source
      execjs
    coffee-script-source (1.4.0)
    compass (0.10.6)
      haml (>= 3.0.4)
    execjs (1.4.0)
      multi_json (~> 1.0)
    haml (3.0.25)
    json (1.7.7)
    maruku (0.6.1)
      syntax (>= 1.0.0)
    multi_json (1.6.1)
    rack (1.5.2)
    rubypants (0.2.0)
    syntax (1.0.0)
    tilt (1.3.3)

PLATFORMS
  ruby

DEPENDENCIES
  backports
  builder
  coffee-script
  compass (~> 0.10.6)
  haml (~> 3.0.25)
  json
  maruku
  rack
  rubypants
  tilt
