GEM
  remote: http://rubygems.org/
  specs:
    backports (3.6.8)
    builder (3.2.3)
    chunky_png (1.3.8)
    coffee-script (2.4.1)
      coffee-script-source
      execjs
    coffee-script-source (1.12.2)
    compass (1.0.3)
      chunky_png (~> 1.2)
      compass-core (~> 1.0.2)
      compass-import-once (~> 1.0.5)
      rb-fsevent (>= 0.9.3)
      rb-inotify (>= 0.9)
      sass (>= 3.3.13, < 3.5)
    compass-core (1.0.3)
      multi_json (~> 1.0)
      sass (>= 3.3.0, < 3.5)
    compass-import-once (1.0.5)
      sass (>= 3.2, < 3.5)
    execjs (2.7.0)
    ffi (1.9.18)
    haml (4.0.7)
      tilt
    json (2.0.3)
    maruku (0.7.3)
    multi_json (1.12.1)
    rack (2.0.1)
    rake (12.0.0)
    rb-fsevent (0.9.8)
    rb-inotify (0.9.8)
      ffi (>= 0.5.0)
    rubypants (0.6.0)
    sass (3.4.23)
    susy (2.2.12)
      sass (>= 3.3.0, < 3.5)
    tilt (2.0.6)

PLATFORMS
  ruby

DEPENDENCIES
  backports
  builder
  coffee-script
  compass
  haml
  json
  maruku
  rack
  rake
  rubypants
  susy
  tilt

BUNDLED WITH
   1.12.5
