GEM
  remote: https://rubygems.org/
  specs:
    backports (2.3.0)
    builder (3.0.0)
    coffee-script (2.2.0)
      coffee-script-source
      execjs
    coffee-script-source (1.1.2)
    compass (0.10.6)
      haml (>= 3.0.4)
    execjs (1.2.6)
      multi_json (~> 1.0)
    haml (3.0.25)
    json (1.6.0)
    kgio (2.6.0)
    multi_json (1.0.3)
    rack (1.3.3)
    rack-protection (1.2.0)
      rack
    raindrops (0.7.0)
    rdiscount (1.6.8)
    rubypants (0.2.0)
    sinatra (1.3.0)
      rack (~> 1.3)
      rack-protection (~> 1.1)
      tilt (~> 1.3)
    tilt (1.3.3)
    unicorn (4.1.1)
      kgio (~> 2.4)
      rack
      raindrops (~> 0.6)

PLATFORMS
  ruby

DEPENDENCIES
  backports
  builder
  coffee-script
  compass (~> 0.10.6)
  haml (~> 3.0.25)
  json
  rack
  rdiscount
  rubypants
  sinatra
  tilt
  unicorn
